PATH
  remote: .
  specs:
    overdrive-m4b (0.1.0)
      id3tag (~> 0.12.1)
      nokogiri (>= 1.10.7, < 1.15.0)

GEM
  remote: https://rubygems.org/
  specs:
    id3tag (0.12.1)
    mini_portile2 (2.8.1)
    nokogiri (1.14.2)
      mini_portile2 (~> 2.8.0)
      racc (~> 1.4)
    racc (1.6.2)

PLATFORMS
  ruby

DEPENDENCIES
  id3tag (~> 0.12.1)
  nokogiri (~> 1.14.2)
  overdrive-m4b!

BUNDLED WITH
   1.17.3
